PATH
  remote: .
  specs:
    franz (0.0.0)
      buftok
      bunny
      colorize
      deep_merge
      trollop

GEM
  remote: http://rubygems.org/
  specs:
    amq-protocol (1.9.2)
    buftok (0.2.0)
    bunny (1.3.1)
      amq-protocol (>= 1.9.2)
    colorize (0.7.3)
    deep_merge (1.0.1)
    trollop (2.0)

PLATFORMS
  ruby

DEPENDENCIES
  franz!
