PATH
  remote: .
  specs:
    franz (0.0.0)
      buftok
      bunny
      colorize
      deep_merge
      trollop

GEM
  remote: http://rubygems.org/
  specs:
    amq-protocol (1.9.2)
    buftok (0.2.0)
    bunny (1.3.1)
      amq-protocol (>= 1.9.2)
    coderay (1.1.0)
    colorize (0.7.3)
    deep_merge (1.0.1)
    method_source (0.8.2)
    pry (0.10.0)
      coderay (~> 1.1.0)
      method_source (~> 0.8.1)
      slop (~> 3.4)
    rake (10.3.2)
    rubygems-tasks (0.2.4)
    slop (3.5.0)
    trollop (2.0)
    yard (0.8.7.4)

PLATFORMS
  ruby

DEPENDENCIES
  franz!
  pry
  rake
  rubygems-tasks
  yard
