PATH
  remote: .
  specs:
    franz (1.1.1)
      buftok (~> 0)
      bunny (~> 1)
      colorize (~> 0)
      deep_merge (~> 1)
      trollop (~> 2)

GEM
  remote: http://rubygems.org/
  specs:
    amq-protocol (1.9.2)
    buftok (0.2.0)
    bunny (1.3.1)
      amq-protocol (>= 1.9.2)
    coderay (1.1.0)
    colorize (0.7.3)
    deep_merge (1.0.1)
    method_source (0.8.2)
    minitest (5.4.0)
    pry (0.10.0)
      coderay (~> 1.1.0)
      method_source (~> 0.8.1)
      slop (~> 3.4)
    rake (10.3.2)
    rubygems-tasks (0.2.4)
    slop (3.5.0)
    trollop (2.0)
    version (1.0.0)
    yard (0.8.7.4)

PLATFORMS
  ruby

DEPENDENCIES
  franz!
  minitest
  pry
  rake
  rubygems-tasks
  version
  yard
